PATH
  remote: .
  specs:
    utf8_emoji (0.1.0)

GEM
  remote: https://rubygems.org/
  specs:
    rake (10.1.0)

PLATFORMS
  ruby

DEPENDENCIES
  bundler (~> 1.3.5)
  rake (~> 10.1.0)
  utf8_emoji!
